GEM
  remote: http://rubygems.org/
  specs:
    diff-lcs (1.2.5)
    rack (1.5.1)
    rack-test (0.6.2)
      rack (>= 1.0)
    roda (2.25.0)
      rack
    rspec (2.14.1)
      rspec-core (~> 2.14.0)
      rspec-expectations (~> 2.14.0)
      rspec-mocks (~> 2.14.0)
    rspec-core (2.14.7)
    rspec-expectations (2.14.4)
      diff-lcs (>= 1.1.3, < 2.0)
    rspec-mocks (2.14.4)

PLATFORMS
  ruby

DEPENDENCIES
  rack-test
  roda
  rspec

BUNDLED WITH
   1.13.6
